GEM
  remote: http://rubygems.org/
  specs:
    backports (3.3.1)
    daemons (1.1.9)
    em-websocket (0.5.0)
      eventmachine (>= 0.12.9)
      http_parser.rb (~> 0.5.3)
    event_emitter (0.2.5)
    eventmachine (1.0.0)
    eventmachine (1.0.0-x86-mingw32)
    haml (3.1.7)
    http_parser.rb (0.5.3)
    http_parser.rb (0.5.3-x86-mingw32)
    json (1.8.0)
    rack (1.4.1)
    rack-protection (1.5.0)
      rack
    rack-test (0.6.2)
      rack (>= 1.0)
    sinatra (1.3.3)
      rack (~> 1.3, >= 1.3.6)
      rack-protection (~> 1.2)
      tilt (~> 1.3, >= 1.3.3)
    sinatra-contrib (1.3.2)
      backports (>= 2.0)
      eventmachine
      rack-protection
      rack-test
      sinatra (~> 1.3.0)
      tilt (~> 1.3)
    sinatra-websocketio (0.3.3)
      em-websocket (>= 0.5.0)
      event_emitter (>= 0.2.4)
      eventmachine (>= 1.0.0)
      json (>= 1.7.0)
      sinatra (>= 1.3.0)
      sinatra-contrib (>= 1.3.2)
      websocket-client-simple
    thin (1.4.1)
      daemons (>= 1.0.9)
      eventmachine (>= 0.12.6)
      rack (>= 1.0.0)
    tilt (1.4.1)
    websocket (1.0.7)
    websocket-client-simple (0.0.5)
      event_emitter
      websocket

PLATFORMS
  ruby
  x86-mingw32

DEPENDENCIES
  em-websocket
  eventmachine (= 1.0.0)
  haml
  sinatra (= 1.3.3)
  sinatra-websocketio
  thin
