GEM
  remote: http://rubygems.org/
  specs:
    daemons (1.1.9)
    em-websocket (0.5.0)
      eventmachine (>= 0.12.9)
      http_parser.rb (~> 0.5.3)
    eventmachine (1.0.0)
    eventmachine (1.0.0-x86-mingw32)
    haml (3.1.7)
    http_parser.rb (0.5.3)
    http_parser.rb (0.5.3-x86-mingw32)
    rack (1.4.1)
    rack-protection (1.5.0)
      rack
    sinatra (1.3.3)
      rack (~> 1.3, >= 1.3.6)
      rack-protection (~> 1.2)
      tilt (~> 1.3, >= 1.3.3)
    sinatra-websocket (0.2.0)
      em-websocket (>= 0.3.6)
      eventmachine
      thin (>= 1.3.1)
    thin (1.4.1)
      daemons (>= 1.0.9)
      eventmachine (>= 0.12.6)
      rack (>= 1.0.0)
    tilt (1.4.1)

PLATFORMS
  ruby
  x86-mingw32

DEPENDENCIES
  em-websocket
  eventmachine
  haml
  sinatra
  sinatra-websocket
  thin
